GIT
  remote: git://github.com/jnunemaker/mongomapper.git
  revision: 2dca0dcba8c3d50c3e98388180b5f1f2ee8d0b84
  specs:
    mongo_mapper (0.12.0)
      activemodel (>= 3.0.0)
      activesupport (>= 3.0)
      mongo (~> 1.8)
      plucky (~> 0.6.4)

GEM
  remote: https://rubygems.org/
  specs:
    activemodel (4.0.0)
      activesupport (= 4.0.0)
      builder (~> 3.1.0)
    activesupport (4.0.0)
      i18n (~> 0.6, >= 0.6.4)
      minitest (~> 4.2)
      multi_json (~> 1.3)
      thread_safe (~> 0.1)
      tzinfo (~> 0.3.37)
    atomic (1.1.10)
    bson (1.9.1)
    bson_ext (1.9.1)
      bson (~> 1.9.1)
    builder (3.1.4)
    i18n (0.6.4)
    minitest (4.7.5)
    mongo (1.9.1)
      bson (~> 1.9.1)
    multi_json (1.7.7)
    plucky (0.6.5)
      mongo (~> 1.5)
    state_machine (1.2.0)
    thread_safe (0.1.0)
      atomic
    tzinfo (0.3.37)

PLATFORMS
  ruby

DEPENDENCIES
  bson (~> 1.9)
  bson_ext (~> 1.9)
  mongo (~> 1.9)
  mongo_mapper!
  state_machine
